GIT
  remote: git://github.com/clyfe/devise_ldap_authenticatable.git
  revision: 4d41c6c3d8e6b08902ee24def683f5f9fd784f19
  specs:
    devise_ldap_authenticatable (0.4.6)
      devise (~> 1.3.4)
      net-ldap (~> 0.2.2)

GIT
  remote: git://github.com/throwern/bioruby-samtools.git
  revision: 70aff085bf56db2a1e59ede23b35ec4a7689fdad
  specs:
    bio-samtools (0.4.2)
      bio (>= 1.4.2)
      ffi

GIT
  remote: git://github.com/throwern/sunspot.git
  revision: 0a9166870edf471836b0ce662e8813634eb9ffcf
  specs:
    sunspot (2.0.0.pre.120925)
      pr_geohash (~> 1.0)
      rsolr (~> 1.0.7)
    sunspot_rails (2.0.0.pre.120925)
      nokogiri
      sunspot (= 2.0.0.pre.120925)
    sunspot_solr (2.0.0.pre.120925)

PATH
  remote: vendor/gems/composite_primary_keys-3.1.10
  specs:
    composite_primary_keys (3.1.10)

GEM
  remote: http://rubygems.org/
  specs:
    abstract (1.0.0)
    actionmailer (3.0.9)
      actionpack (= 3.0.9)
      mail (~> 2.2.19)
    actionpack (3.0.9)
      activemodel (= 3.0.9)
      activesupport (= 3.0.9)
      builder (~> 2.1.2)
      erubis (~> 2.6.6)
      i18n (~> 0.5.0)
      rack (~> 1.2.1)
      rack-mount (~> 0.6.14)
      rack-test (~> 0.5.7)
      tzinfo (~> 0.3.23)
    activemodel (3.0.9)
      activesupport (= 3.0.9)
      builder (~> 2.1.2)
      i18n (~> 0.5.0)
    activerecord (3.0.9)
      activemodel (= 3.0.9)
      activesupport (= 3.0.9)
      arel (~> 2.0.10)
      tzinfo (~> 0.3.23)
    activerecord-oracle_enhanced-adapter (1.4.1)
    activeresource (3.0.9)
      activemodel (= 3.0.9)
      activesupport (= 3.0.9)
    activesupport (3.0.9)
    acts_as_api (0.3.11)
      activemodel (>= 3.0.0)
      activesupport (>= 3.0.0)
      rack (>= 1.1.0)
    annotate (2.5.0.pre1)
      rake
    archive-tar-minitar (0.5.2)
    arel (2.0.10)
    awesome_print (1.1.0)
    bcrypt-ruby (2.1.4)
    bio (1.4.3)
    bio-tabix (0.1.3)
      ffi
    bio-ucsc-util (0.1.2)
      ffi
    builder (2.1.2)
    cancan (1.6.8)
    climate_control (0.0.3)
      activesupport (>= 3.0)
    cocaine (0.5.1)
      climate_control (>= 0.0.3, < 1.0)
    colored (1.2)
    columnize (0.3.6)
    daemons (1.1.4)
    delayed_job (3.0.3)
      activesupport (~> 3.0)
    delayed_job_active_record (0.3.2)
      activerecord (> 2.1.0)
      delayed_job (~> 3.0.0)
    devise (1.3.4)
      bcrypt-ruby (~> 2.1.2)
      orm_adapter (~> 0.0.3)
      warden (~> 1.0.3)
    erubis (2.6.6)
      abstract (>= 1.0.0)
    exception_notification (2.4.1)
    fattr (2.2.1)
    ffi (1.0.11)
    flay (1.4.3)
      ruby_parser (~> 2.0)
      sexp_processor (~> 3.0)
    flog (2.5.3)
      ruby_parser (~> 2.0)
      sexp_processor (~> 3.0)
    formtastic (2.2.1)
      actionpack (>= 3.0)
    highline (1.6.13)
    i18n (0.5.0)
    json (1.7.6)
    linecache19 (0.5.12)
      ruby_core_source (>= 0.1.4)
    mail (2.2.19)
      activesupport (>= 2.3.6)
      i18n (>= 0.4.0)
      mime-types (~> 1.16)
      treetop (~> 1.4.8)
    mime-types (1.19)
    mysql2 (0.2.11)
    net-ldap (0.2.2)
    newrelic_rpm (3.5.5.38)
    nokogiri (1.5.5)
    options (2.3.0)
      fattr
    orm_adapter (0.0.6)
    paper_trail (2.6.3)
      activerecord (~> 3.0)
      railties (~> 3.0)
    paperclip (3.4.1)
      activemodel (>= 3.0.0)
      activerecord (>= 3.0.0)
      activesupport (>= 3.0.0)
      cocaine (~> 0.5.0)
      mime-types
    polyamorous (0.5.0)
      activerecord (~> 3.0)
    polyglot (0.3.3)
    pr_geohash (1.0.0)
    progress_bar (0.4.0)
      highline (~> 1.6.1)
      options (~> 2.3.0)
    progressbar (0.11.0)
    rack (1.2.6)
    rack-mount (0.6.14)
      rack (>= 1.0.0)
    rack-test (0.5.7)
      rack (>= 1.0)
    railroady (1.0.7)
    rails (3.0.9)
      actionmailer (= 3.0.9)
      actionpack (= 3.0.9)
      activerecord (= 3.0.9)
      activeresource (= 3.0.9)
      activesupport (= 3.0.9)
      bundler (~> 1.0)
      railties (= 3.0.9)
    rails3-jquery-autocomplete (1.0.10)
      rails (~> 3.0)
    rails_best_practices (1.10.1)
      activesupport
      awesome_print
      colored
      erubis
      i18n
      progressbar
      sexp_processor
    railties (3.0.9)
      actionpack (= 3.0.9)
      activesupport (= 3.0.9)
      rake (>= 0.8.7)
      rdoc (~> 3.4)
      thor (~> 0.14.4)
    rake (10.0.3)
    rdoc (3.12)
      json (~> 1.4)
    reek (1.2.12)
      ripper_ruby_parser (~> 0.0.7)
      ruby2ruby (~> 1.2.5)
      ruby_parser (~> 2.0)
      sexp_processor (~> 3.0)
    ripper_ruby_parser (0.0.8)
      sexp_processor (~> 3.0)
    rsolr (1.0.8)
      builder (>= 2.1.2)
    ruby-debug-base19 (0.11.25)
      columnize (>= 0.3.1)
      linecache19 (>= 0.5.11)
      ruby_core_source (>= 0.1.4)
    ruby-debug19 (0.11.6)
      columnize (>= 0.3.1)
      linecache19 (>= 0.5.11)
      ruby-debug-base19 (>= 0.11.19)
    ruby-oci8 (2.1.0)
    ruby2ruby (1.2.5)
      ruby_parser (~> 2.0)
      sexp_processor (~> 3.0)
    ruby_core_source (0.1.5)
      archive-tar-minitar (>= 0.5.2)
    ruby_parser (2.3.1)
      sexp_processor (~> 3.0)
    sexp_processor (3.2.0)
    squeel (0.9.5)
      activerecord (~> 3.0)
      activesupport (~> 3.0)
      polyamorous (~> 0.5.0)
    thor (0.14.6)
    treetop (1.4.12)
      polyglot
      polyglot (>= 0.3.1)
    tzinfo (0.3.35)
    warden (1.0.6)
      rack (>= 1.0)
    will_paginate (3.0.3)
    xmlparser (0.7.2.1)

PLATFORMS
  ruby

DEPENDENCIES
  activerecord-oracle_enhanced-adapter
  acts_as_api (~> 0.3)
  annotate (>= 2.5.0.pre1)
  bio (~> 1.4.3)
  bio-samtools (~> 0.4)!
  bio-tabix (~> 0.1)
  bio-ucsc-util (= 0.1.2)
  cancan
  composite_primary_keys (= 3.1.10)!
  daemons (= 1.1.4)
  delayed_job (~> 3)
  delayed_job_active_record
  devise (~> 1.3.4)
  devise_ldap_authenticatable!
  exception_notification (~> 2.4.1)
  flay
  flog
  formtastic (~> 2.2.1)
  mysql2 (~> 0.2.0)
  newrelic_rpm
  paper_trail (~> 2)
  paperclip (~> 3.0)
  progress_bar
  railroady
  rails (= 3.0.9)
  rails3-jquery-autocomplete
  rails_best_practices
  reek
  ruby-debug19
  ruby-oci8
  squeel (~> 0.9)
  sunspot!
  sunspot_rails!
  sunspot_solr!
  thor (~> 0.14.6)
  will_paginate (~> 3)
  xmlparser
